PATH
  remote: .
  specs:
    imgry (0.1.0)

GEM
  remote: http://rubygems.org/
  specs:
    coderay (1.0.8)
    diff-lcs (1.1.3)
    image_voodoo (0.8.2)
    method_source (0.8.1)
    mini_magick (3.4)
      subexec (~> 0.2.1)
    pry (0.9.10)
      coderay (~> 1.0.5)
      method_source (~> 0.8)
      slop (~> 3.3.1)
    pry (0.9.10-java)
      coderay (~> 1.0.5)
      method_source (~> 0.8)
      slop (~> 3.3.1)
      spoon (~> 0.0)
    pry-nav (0.2.2)
      pry (~> 0.9.10)
    rspec (2.12.0)
      rspec-core (~> 2.12.0)
      rspec-expectations (~> 2.12.0)
      rspec-mocks (~> 2.12.0)
    rspec-core (2.12.1)
    rspec-expectations (2.12.0)
      diff-lcs (~> 1.1.3)
    rspec-mocks (2.12.0)
    slop (3.3.3)
    spoon (0.0.1)
    subexec (0.2.2)

PLATFORMS
  java
  ruby

DEPENDENCIES
  image_voodoo
  imgry!
  mini_magick
  pry
  pry-nav
  rspec (~> 2.12)
